{
    "TaskName": "FR3",
    "Manufacturer": "Blackrock",
    "PowerLineFrequency": 60.0,
    "SamplingFrequency": 1000.0,
    "SoftwareFilters": "n/a",
    "RecordingDuration": 3221.895,
    "RecordingType": "continuous",
    "iEEGReference": "monopolar",
    "ECOGChannelCount": 64,
    "SEEGChannelCount": 12,
    "EEGChannelCount": 0,
    "EOGChannelCount": 0,
    "ECGChannelCount": 0,
    "EMGChannelCount": 0,
    "MiscChannelCount": 0,
    "TriggerChannelCount": 0,
    "TaskDescription": "free recall with closed-loop stimulation at encoding",
    "HardwareFilters": "n/a",
    "ElectricalStimulation": true
}
